GEM
  remote: http://rubygems.org/
  specs:
    daemons (1.1.5)
    eventmachine (0.12.10)
    json (1.6.4)
    rack (1.4.0)
    thin (1.3.1)
      daemons (>= 1.0.9)
      eventmachine (>= 0.12.6)
      rack (>= 1.0.0)

PLATFORMS
  ruby

DEPENDENCIES
  json
  thin
